GEM
  remote: https://rubygems.org/
  specs:
    activesupport (5.1.4)
      concurrent-ruby (~> 1.0, >= 1.0.2)
      i18n (~> 0.7)
      minitest (~> 5.1)
      tzinfo (~> 1.1)
    addressable (2.5.2)
      public_suffix (>= 2.0.2, < 4.0)
    cinch (2.3.4)
    cinch-identify (1.7.0)
      cinch (~> 2.0)
    cld (0.7.0)
      ffi
    cleverbot-api (0.0.4)
    concurrent-ruby (1.0.5)
    crass (1.0.2)
    daemons (1.2.4)
    domain_name (0.5.20170404)
      unf (>= 0.0.5, < 1.0.0)
    duck-duck-go (1.1.3)
      httpclient
      json
    faraday (0.13.1)
      multipart-post (>= 1.2, < 3)
    ffi (1.9.18)
    flippy (0.1.2)
      ruby-termios
      trollop
    genregen (0.0.8)
    goodreads (0.5.0)
      activesupport (>= 3.0)
      hashie (~> 2.0)
      i18n (~> 0.5)
      oauth (~> 0.4)
      rest-client (~> 2.0)
    google-search (1.0.3)
      json
    hashie (2.1.2)
    haste (0.2.3)
      faraday (~> 0.9)
      json
    highline (1.7.8)
    htmlentities (4.3.4)
    http-cookie (1.0.3)
      domain_name (~> 0.5)
    httparty (0.15.6)
      multi_xml (>= 0.5.2)
    httpclient (2.8.3)
    i18n (0.9.0)
      concurrent-ruby (~> 1.0)
    json (2.1.0)
    lastfm (1.27.2)
      activesupport (>= 3.2.0)
      httparty
      xml-simple
    leetspeak (0.1.1)
    mechanize (2.7.5)
      domain_name (~> 0.5, >= 0.5.1)
      http-cookie (~> 1.0)
      mime-types (>= 1.17.2)
      net-http-digest_auth (~> 1.1, >= 1.1.1)
      net-http-persistent (~> 2.5, >= 2.5.2)
      nokogiri (~> 1.6)
      ntlm-http (~> 0.1, >= 0.1.1)
      webrobots (>= 0.0.9, < 0.2)
    megahal (2.0.0)
      cld (~> 0.7)
      highline (~> 1.7)
      ruby-progressbar (~> 1.7)
      rubyzip (~> 1.1)
      sooth (~> 2.0)
    mime-types (3.1)
      mime-types-data (~> 3.2015)
    mime-types-data (3.2016.0521)
    mini_portile2 (2.3.0)
    minitest (5.10.3)
    multi_xml (0.6.0)
    multipart-post (2.0.0)
    myanimelist (1.0.0)
      rest-client (= 2.0.2)
      xml-simple (= 1.1.5)
    net-http-digest_auth (1.4.1)
    net-http-persistent (2.9.4)
    netrc (0.11.0)
    nokogiri (1.8.1)
      mini_portile2 (~> 2.3.0)
    nokogumbo (1.4.13)
      nokogiri
    ntlm-http (0.1.1)
    oauth (0.5.3)
    open_uri_redirections (0.2.1)
    public_suffix (3.0.0)
    research_topicgen (0.1.6)
    rest-client (2.0.2)
      http-cookie (>= 1.0.2, < 2.0)
      mime-types (>= 1.16, < 4.0)
      netrc (~> 0.8)
    ruby-eval-in (0.0.4)
      nokogiri
    ruby-progressbar (1.9.0)
    ruby-termios (1.0.2)
    ruby-upworthy (0.0.2)
    rubyzip (1.2.1)
    sanitize (4.5.0)
      crass (~> 1.0.2)
      nokogiri (>= 1.4.4)
      nokogumbo (~> 1.4.1)
    sooth (2.1.1)
    telegraph (1.0.1)
    thread_safe (0.3.6)
    time_difference (0.5.0)
      activesupport
    trollop (2.1.2)
    tzinfo (1.2.3)
      thread_safe (~> 0.1)
    unf (0.1.4)
      unf_ext
    unf_ext (0.0.7.4)
    webrobots (0.1.2)
    wolfram (0.2.1)
      nokogiri (>= 1.4.3)
    wunderground (1.2.0)
      addressable
      httparty (> 0.6.0)
      json (> 1.4.0)
    xkcd (1.1.0)
      google-search
      nokogiri (>= 1.5.0)
    xml-simple (1.1.5)

PLATFORMS
  ruby

DEPENDENCIES
  cinch
  cinch-identify
  cleverbot-api
  daemons
  duck-duck-go
  flippy
  genregen
  goodreads
  haste
  htmlentities
  json
  lastfm
  leetspeak
  mechanize
  megahal
  myanimelist (~> 1.0)
  nokogiri
  open_uri_redirections
  research_topicgen
  ruby-eval-in
  ruby-upworthy
  sanitize
  telegraph
  time_difference
  wolfram
  wunderground
  xkcd

BUNDLED WITH
   1.12.5
